GEM
  remote: https://rubygems.org/
  specs:
    chunky_png (1.2.8)
    compass (0.12.2)
      chunky_png (~> 1.2)
      fssm (>= 0.2.7)
      sass (~> 3.1)
    daemons (1.1.9)
    eventmachine (1.0.3)
    fssm (0.2.10)
    rack (1.5.2)
    rack-protection (1.5.0)
      rack
    rack-ssl-enforcer (0.2.5)
    sass (3.2.9)
    sinatra (1.4.3)
      rack (~> 1.4)
      rack-protection (~> 1.4)
      tilt (~> 1.3, >= 1.3.4)
    thin (1.5.1)
      daemons (>= 1.0.9)
      eventmachine (>= 0.12.6)
      rack (>= 1.0.0)
    tilt (1.4.1)

PLATFORMS
  ruby

DEPENDENCIES
  compass (~> 0.12.0)
  rack-ssl-enforcer (~> 0.2.0)
  sinatra (~> 1.4.0)
  thin (~> 1.5.0)
